PATH
  remote: .
  specs:
    build_audulus_wavetable_node (0.2.0)
      fftw3 (~> 0.3)
      midilib (~> 2.0.5)

GEM
  remote: https://rubygems.org/
  specs:
    fftw3 (0.3)
      narray
    midilib (2.0.5)
    narray (0.6.1.2)

PLATFORMS
  ruby

DEPENDENCIES
  build_audulus_wavetable_node!

BUNDLED WITH
   1.16.0
